GEM
  remote: https://rubygems.org/
  specs:
    ast (2.4.0)
    backport (1.0.0)
    dotenv (2.7.2)
    faraday (0.15.4)
      multipart-post (>= 1.2, < 3)
    htmlentities (4.3.4)
    jaro_winkler (1.5.2)
    kramdown (1.17.0)
    mini_portile2 (2.4.0)
    multipart-post (2.0.0)
    mustermann (1.0.3)
    nokogiri (1.10.4)
      mini_portile2 (~> 2.4.0)
    parallel (1.17.0)
    parser (2.6.3.0)
      ast (~> 2.4.0)
    puma (3.12.2)
    rack (2.0.7)
    rack-protection (2.0.5)
      rack
    rainbow (3.0.0)
    reverse_markdown (1.1.0)
      nokogiri
    rubocop (0.68.1)
      jaro_winkler (~> 1.5.1)
      parallel (~> 1.10)
      parser (>= 2.5, != 2.5.1.1)
      rainbow (>= 2.2.2, < 4.0)
      ruby-progressbar (~> 1.7)
      unicode-display_width (>= 1.4.0, < 1.6)
    ruby-progressbar (1.10.0)
    sinatra (2.0.5)
      mustermann (~> 1.0)
      rack (~> 2.0)
      rack-protection (= 2.0.5)
      tilt (~> 2.0)
    solargraph (0.32.1)
      backport (~> 1.0)
      bundler (>= 1.17.2)
      htmlentities (~> 4.3, >= 4.3.4)
      jaro_winkler (~> 1.5)
      kramdown (~> 1.16)
      parser (~> 2.3)
      reverse_markdown (~> 1.0, >= 1.0.5)
      rubocop (~> 0.52)
      thor (~> 0.19, >= 0.19.4)
      tilt (~> 2.0)
      yard (~> 0.9)
    thor (0.20.3)
    tilt (2.0.9)
    unicode-display_width (1.5.0)
    yard (0.9.19)

PLATFORMS
  ruby

DEPENDENCIES
  dotenv (~> 2.7)
  faraday (~> 0.15.4)
  puma (~> 3.12)
  sinatra (~> 2.0)
  solargraph (~> 0.32.1)
  tilt (~> 2.0)

BUNDLED WITH
   2.0.1
